PATH
  remote: .
  specs:
    rack-less (3.0.0)
      less (~> 2.0)
      rack (~> 1.0)

GEM
  remote: http://rubygems.org/
  specs:
    POpen4 (0.1.4)
      Platform (>= 0.4.0)
      open4
    Platform (0.4.0)
    ansi (1.3.0)
    assert (0.3.0)
      ansi (~> 1.3)
    differ (0.1.2)
    less (2.0.6)
      therubyracer (~> 0.9.2)
    libv8 (3.3.10.2)
    nokogiri (1.5.0)
    open4 (1.1.0)
    rack (1.3.2)
    rack-test (0.6.1)
      rack (>= 1.0)
    rake (0.9.2)
    sinatra (1.2.6)
      rack (~> 1.1)
      tilt (< 2.0, >= 1.2.2)
    therubyracer (0.9.4)
      libv8 (~> 3.3.10)
    tilt (1.3.3)
    webrat (0.7.3)
      nokogiri (>= 1.2.0)
      rack (>= 1.0)
      rack-test (>= 0.5.3)
    yui-compressor (0.9.6)
      POpen4 (>= 0.1.4)

PLATFORMS
  ruby

DEPENDENCIES
  assert (~> 0.3.0)
  bundler (~> 1.0)
  differ
  rack-less!
  rack-test (~> 0.6.0)
  rake (~> 0.9.2)
  sinatra (~> 1.2)
  webrat (~> 0.7.0)
  yui-compressor (~> 0.9.0)
