PATH
  remote: .
  specs:
    rack-less (3.0.0)
      less (~> 2.0)
      rack (~> 1.0)

GEM
  remote: http://rubygems.org/
  specs:
    ansi (1.3.0)
    assert (0.3.0)
      ansi (~> 1.3)
    differ (0.1.2)
    less (2.0.6)
      therubyracer (~> 0.9.2)
    libv8 (3.3.10.2)
    nokogiri (1.4.4)
    rack (1.2.2)
    rack-test (0.5.7)
      rack (>= 1.0)
    rake (0.9.2)
    sinatra (1.2.1)
      rack (~> 1.1)
      tilt (>= 1.2.2, < 2.0)
    therubyracer (0.9.4)
      libv8 (~> 3.3.10)
    tilt (1.2.2)
    webrat (0.7.3)
      nokogiri (>= 1.2.0)
      rack (>= 1.0)
      rack-test (>= 0.5.3)
    yui-compressor (0.9.4)

PLATFORMS
  ruby

DEPENDENCIES
  assert (~> 0.3.0)
  bundler (~> 1.0)
  differ
  rack-less!
  rack-test (>= 0.5.3)
  rake (~> 0.9.2)
  sinatra (>= 0.9.4)
  webrat (>= 0.6.0)
  yui-compressor (>= 0.9.1)
