PATH
  remote: .
  specs:
    rack-less (2.0.0)
      less (~> 1.2)
      rack (~> 1.0)

GEM
  remote: http://rubygems.org/
  specs:
    json (1.5.1)
    kelredd-useful (0.4.1)
      json
    leftright (0.9.0)
    less (1.2.21)
      mutter (>= 0.4.2)
      treetop (>= 1.4.2)
    mutter (0.5.3)
    nokogiri (1.4.4)
    polyglot (0.3.1)
    rack (1.2.2)
    rack-test (0.5.7)
      rack (>= 1.0)
    shoulda (2.11.3)
    sinatra (1.2.1)
      rack (~> 1.1)
      tilt (>= 1.2.2, < 2.0)
    test-belt (0.2.1)
      kelredd-useful (~> 0.4.0)
      leftright (~> 0.9.0)
      shoulda (~> 2.11)
    tilt (1.2.2)
    treetop (1.4.9)
      polyglot (>= 0.3.1)
    webrat (0.7.3)
      nokogiri (>= 1.2.0)
      rack (>= 1.0)
      rack-test (>= 0.5.3)
    yui-compressor (0.9.4)

PLATFORMS
  ruby

DEPENDENCIES
  bundler (~> 1.0)
  less (~> 1.2)
  rack (~> 1.0)
  rack-less!
  rack-test (>= 0.5.3)
  sinatra (>= 0.9.4)
  test-belt (= 0.2.1)
  webrat (>= 0.6.0)
  yui-compressor (>= 0.9.1)
